GEM
  remote: http://rubygems.org/
  specs:
    diff-lcs (1.1.2)
    fakeweb (1.3.0)
    rspec (1.3.0)

PLATFORMS
  ruby

DEPENDENCIES
  diff-lcs
  fakeweb
  rspec (~> 1.3.0)
