GEM
  remote: http://rubygems.org/
  specs:
    columnize (0.3.1)
    diff-lcs (1.1.2)
    fakeweb (1.3.0)
    gemcutter (0.6.1)
    git (1.2.5)
    jeweler (1.4.0)
      gemcutter (>= 0.1.0)
      git (>= 1.2.5)
      rubyforge (>= 2.0.0)
    json_pure (1.4.6)
    linecache (0.43)
    rake (0.8.7)
    rdoc (2.5.11)
    rspec (1.3.0)
    ruby-debug (0.10.3)
      columnize (>= 0.1)
      ruby-debug-base (~> 0.10.3.0)
    ruby-debug-base (0.10.3)
      linecache (>= 0.3)
    rubyforge (2.0.4)
      json_pure (>= 1.1.7)

PLATFORMS
  ruby

DEPENDENCIES
  diff-lcs
  fakeweb
  jeweler
  rake
  rdoc
  rspec (~> 1.3.0)
  ruby-debug
